GEM
  remote: https://rubygems.org/
  specs:
    chunky_png (1.3.0)
    compass (0.13.alpha.12)
      chunky_png (~> 1.2)
      json
      listen (~> 1.1.0)
      sass (~> 3.3.0.rc.1)
    ffi (1.9.3)
    json (1.8.1)
    listen (1.1.6)
      rb-fsevent (>= 0.9.3)
      rb-inotify (>= 0.9)
      rb-kqueue (>= 0.2)
    rb-fsevent (0.9.4)
    rb-inotify (0.9.3)
      ffi (>= 0.5.0)
    rb-kqueue (0.2.2)
      ffi (>= 0.5.0)
    sass (3.3.4)
    sass-globbing (1.1.0)
      sass (>= 3.1)
    susy (2.1.1)
      sass (~> 3.3.0)

PLATFORMS
  ruby

DEPENDENCIES
  compass (~> 0.13.alpha.12)
  sass (~> 3.3.0)
  sass-globbing
  susy (~> 2.1.0)
